{
	"TaskName": "imagery",
	"Manufacturer": "Compumedics Neuroscan",
	"PowerLineFrequency": 50.0,
	"SamplingFrequency": 1000.0,
	"SoftwareFilters": "n/a",
	"RecordingDuration": 1198.599,
	"RecordingType": "continuous",
	"EEGReference": "scalp REF",
	"EEGGround": "scalp GRD",
	"EEGPlacementScheme": "10-05 system",
	"EEGChannelCount": 122,
	"EOGChannelCount": 0,
	"ECGChannelCount": 0,
	"EMGChannelCount": 0,
	"TriggerChannelCount": 0,
	"ManufacturersModelName": "Neuroscan SynAmps2",
	"HardwareFilters": {
		"HardwareFilter": {
			"bandpass": [
				0.5,
				100
			]
		}
	},
	"TaskDescription": "Motor execution (fist clenching) with simultaneous scalp and ear-EEG recording Trial duration: 4.0s.",
	"Instructions": "n/a",
	"CogAtlasID": "https://www.cognitiveatlas.org/task/id/trm_4c8a834779883/",
	"InstitutionName": "City University of Hong Kong",
	"InstitutionAddress": "HK",
	"InstitutionalDepartmentName": "n/a",
	"CapManufacturer": "n/a",
	"CapManufacturersModelName": "n/a",
	"SubjectArtefactDescription": "n/a",
	"DeviceSerialNumber": "n/a",
	"Description": "EEG recording.",
	"MISCChannelCount": 0
}